GEM
  remote: https://rubygems.org/
  specs:
    diff-lcs (1.3)
    i18n (0.8.4)
    money (6.9.0)
      i18n (>= 0.6.4, < 0.9)
    rake (10.4.2)
    rspec (3.6.0)
      rspec-core (~> 3.6.0)
      rspec-expectations (~> 3.6.0)
      rspec-mocks (~> 3.6.0)
    rspec-core (3.6.0)
      rspec-support (~> 3.6.0)
    rspec-expectations (3.6.0)
      diff-lcs (>= 1.2.0, < 2.0)
      rspec-support (~> 3.6.0)
    rspec-mocks (3.6.0)
      diff-lcs (>= 1.2.0, < 2.0)
      rspec-support (~> 3.6.0)
    rspec-support (3.6.0)

PLATFORMS
  ruby

DEPENDENCIES
  money (~> 6.9.0)
  rake (~> 10.4.2)
  rspec (~> 3.6.0)

BUNDLED WITH
   1.15.1
